GEM
  remote: https://rubygems.org/
  specs:
    activesupport (7.0.7.2)
      concurrent-ruby (~> 1.0, >= 1.0.2)
      i18n (>= 1.6, < 2)
      minitest (>= 5.1)
      tzinfo (~> 2.0)
    appraisal (2.2.0)
      bundler
      rake
      thor (>= 0.14.0)
    ast (2.4.2)
    base64 (0.1.1)
    byebug (11.1.3)
    coderay (1.1.3)
    concurrent-ruby (1.2.2)
    diff-lcs (1.3)
    fssm (0.2.10)
    i18n (1.14.1)
      concurrent-ruby (~> 1.0)
    json (2.6.3)
    language_server-protocol (3.17.0.3)
    method_source (1.0.0)
    minitest (5.19.0)
    parallel (1.23.0)
    parser (3.2.2.3)
      ast (~> 2.4.1)
      racc
    pry (0.13.1)
      coderay (~> 1.1)
      method_source (~> 1.0)
    pry-byebug (3.9.0)
      byebug (~> 11.0)
      pry (~> 0.13.0)
    racc (1.7.1)
    rack (3.0.8)
    rainbow (3.1.1)
    rake (13.0.1)
    redcarpet (3.5.0)
    regexp_parser (2.8.1)
    rexml (3.2.6)
    rouge (3.22.0)
    rspec (3.9.0)
      rspec-core (~> 3.9.0)
      rspec-expectations (~> 3.9.0)
      rspec-mocks (~> 3.9.0)
    rspec-core (3.9.0)
      rspec-support (~> 3.9.0)
    rspec-expectations (3.9.0)
      diff-lcs (>= 1.2.0, < 2.0)
      rspec-support (~> 3.9.0)
    rspec-mocks (3.9.0)
      diff-lcs (>= 1.2.0, < 2.0)
      rspec-support (~> 3.9.0)
    rspec-support (3.9.0)
    rubocop (1.56.1)
      base64 (~> 0.1.1)
      json (~> 2.3)
      language_server-protocol (>= 3.17.0)
      parallel (~> 1.10)
      parser (>= 3.2.2.3)
      rainbow (>= 2.2.2, < 4.0)
      regexp_parser (>= 1.8, < 3.0)
      rexml (>= 3.2.5, < 4.0)
      rubocop-ast (>= 1.28.1, < 2.0)
      ruby-progressbar (~> 1.7)
      unicode-display_width (>= 2.4.0, < 3.0)
    rubocop-ast (1.29.0)
      parser (>= 3.2.1.0)
    rubocop-packaging (0.5.2)
      rubocop (>= 1.33, < 2.0)
    rubocop-rails (2.20.2)
      activesupport (>= 4.2.0)
      rack (>= 1.1)
      rubocop (>= 1.33.0, < 2.0)
    ruby-progressbar (1.13.0)
    thor (0.20.0)
    tzinfo (2.0.6)
      concurrent-ruby (~> 1.0)
    unicode-display_width (2.4.2)
    warnings_logger (0.1.1)
    yard (0.9.25)
    zeus (0.15.14)
      method_source (>= 0.6.7)

PLATFORMS
  ruby

DEPENDENCIES
  appraisal (= 2.2.0)
  bundler (~> 2.0)
  fssm
  pry
  pry-byebug
  rake (= 13.0.1)
  redcarpet
  rouge
  rspec (~> 3.9)
  rubocop
  rubocop-packaging
  rubocop-rails (>= 2.17.0)
  warnings_logger
  yard
  zeus

BUNDLED WITH
   2.1.4
